GEM
  remote: https://rubygems.org/
  specs:
    ast (2.4.1)
    bundle (0.0.1)
      bundler
    childprocess (3.0.0)
    coderay (1.1.3)
    csv (3.1.6)
      stringio (>= 0.1.3)
    jaro_winkler (1.5.4)
    json (2.3.1)
    method_source (1.0.0)
    parallel (1.19.2)
    parser (2.7.1.4)
      ast (~> 2.4.1)
    powerpack (0.1.2)
    pry (0.13.1)
      coderay (~> 1.1)
      method_source (~> 1.0)
    rainbow (3.0.0)
    regexp_parser (1.7.1)
    rubocop (0.57.2)
      jaro_winkler (~> 1.5.1)
      parallel (~> 1.10)
      parser (>= 2.5)
      powerpack (~> 0.1)
      rainbow (>= 2.2.2, < 4.0)
      ruby-progressbar (~> 1.7)
      unicode-display_width (~> 1.0, >= 1.0.1)
    ruby-progressbar (1.10.1)
    rubyzip (2.3.0)
    selenium-webdriver (3.142.7)
      childprocess (>= 0.5, < 4.0)
      rubyzip (>= 1.2.2)
    stringio (0.1.3)
    unicode-display_width (1.7.0)
    watir (6.16.5)
      regexp_parser (~> 1.2)
      selenium-webdriver (~> 3.6)

PLATFORMS
  ruby

DEPENDENCIES
  bundle
  bundler
  csv
  json
  pry
  rubocop (~> 0.57.2)
  watir

RUBY VERSION
   ruby 2.5.1p57

BUNDLED WITH
   2.1.4
